ObjectType = Image
NDims = 3
BinaryData = True
BinaryDataByteOrderMSB = False
CompressedData = False
TransformMatrix = 1 0 0 0 1 0 0 0 1
Offset = 0 0 54
CenterOfRotation = 0 0 0
AnatomicalOrientation = RAI
ElementSpacing = 0.82 0.82 3
DimSize = 256 256 1
ElementType = MET_SHORT
ElementDataFile = patient_109_bottomSlice.raw
